PATH
  remote: .
  specs:
    pin (0.0.1)
      httparty

GEM
  remote: https://rubygems.org/
  specs:
    httparty (0.11.0)
      multi_json (~> 1.0)
      multi_xml (>= 0.5.2)
    multi_json (1.7.7)
    multi_xml (0.5.4)

PLATFORMS
  ruby

DEPENDENCIES
  bundler (~> 1.3)
  pin!
